GEM
  remote: https://rubygems.org/
  specs:
    erubi (1.9.0)
    mini_portile2 (2.6.1)
    mustermann (1.0.3)
    nio4r (2.5.2)
    nokogiri (1.12.5)
      mini_portile2 (~> 2.6.1)
      racc (~> 1.4)
    puma (4.3.0)
      nio4r (~> 2.0)
    racc (1.5.2)
    rack (2.2.3)
    rack-protection (2.0.7)
      rack
    sinatra (2.0.7)
      mustermann (~> 1.0)
      rack (~> 2.0)
      rack-protection (= 2.0.7)
      tilt (~> 2.0)
    tilt (2.0.10)

PLATFORMS
  ruby

DEPENDENCIES
  erubi
  nokogiri
  puma
  sinatra

BUNDLED WITH
   1.17.3
